GEM
  remote: https://rubygems.org/
  specs:
    graphql (1.9.9)
    rack (2.1.4)
    shotgun (0.9.2)
      rack (>= 1.0)

PLATFORMS
  ruby

DEPENDENCIES
  graphql
  rack
  shotgun

BUNDLED WITH
   2.0.2
